GIT
  remote: https://github.com/guyboertje/jmongo.git
  revision: 94e07cf92908dea523e6feb9183c61e03935be85
  branch: event_store
  specs:
    jmongo (0.1.1)

GIT
  remote: https://github.com/guyboertje/jrjackson.git
  revision: 8f1cd0b4439d800a603089fec920dbf70753035f
  specs:
    jrjackson (0.0.4)

PATH
  remote: .
  specs:
    eventstore (0.0.1)
      activesupport (~> 3.0)
      bson_ext (~> 1.1)
      jeweler (~> 1.4)
      json (~> 1.5.1)
      mongo (~> 1.3.1)
      rake (~> 0.9)
      uuid (~> 2.3)

GEM
  remote: http://rubygems.org/
  specs:
    activesupport (3.0.7)
    awesome_print (0.4.0)
    bson (1.3.1)
    bson_ext (1.3.1)
    diff-lcs (1.1.2)
    fuubar (0.0.5)
      rspec (~> 2.0)
      rspec-instafail (~> 0.1.4)
      ruby-progressbar (~> 0.0.10)
    git (1.2.5)
    jeweler (1.6.0)
      bundler (~> 1.0.0)
      git (>= 1.2.5)
      rake
    json (1.5.1)
    macaddr (1.0.0)
    mongo (1.3.1)
      bson (>= 1.3.1)
    rake (0.9.0)
    rspec (2.6.0)
      rspec-core (~> 2.6.0)
      rspec-expectations (~> 2.6.0)
      rspec-mocks (~> 2.6.0)
    rspec-core (2.6.3)
    rspec-expectations (2.6.0)
      diff-lcs (~> 1.1.2)
    rspec-instafail (0.1.7)
    rspec-mocks (2.6.0)
    ruby-progressbar (0.0.10)
    uuid (2.3.2)
      macaddr (~> 1.0)

PLATFORMS
  java
  ruby

DEPENDENCIES
  awesome_print
  eventstore!
  fuubar
  jmongo!
  jrjackson!
  rspec-core (~> 2.6)
  rspec-expectations (~> 2.6)
  rspec-mocks (~> 2.6)
