GIT
  remote: https://github.com/guyboertje/jmongo.git
  revision: 59df13248567da7091e2fc54850e69198dca4d3b
  branch: event_store
  specs:
    jmongo (0.1.1)

PATH
  remote: .
  specs:
    eventstore (0.0.2)
      activesupport (~> 3.0)
      jeweler (~> 1.4)
      jmongo
      json (~> 1.5)
      rake (~> 0.8)
      uuid (~> 2.3)

GEM
  remote: http://rubygems.org/
  specs:
    activesupport (3.0.7)
    awesome_print (0.4.0)
    diff-lcs (1.1.2)
    fuubar (0.0.5)
      rspec (~> 2.0)
      rspec-instafail (~> 0.1.4)
      ruby-progressbar (~> 0.0.10)
    git (1.2.5)
    jeweler (1.6.2)
      bundler (~> 1.0)
      git (>= 1.2.5)
      rake
    json (1.5.1-java)
    macaddr (1.0.0)
    rake (0.9.2)
    rspec (2.6.0)
      rspec-core (~> 2.6.0)
      rspec-expectations (~> 2.6.0)
      rspec-mocks (~> 2.6.0)
    rspec-core (2.6.4)
    rspec-expectations (2.6.0)
      diff-lcs (~> 1.1.2)
    rspec-instafail (0.1.8)
    rspec-mocks (2.6.0)
    ruby-progressbar (0.0.10)
    uuid (2.3.2)
      macaddr (~> 1.0)

PLATFORMS
  java

DEPENDENCIES
  awesome_print
  eventstore!
  fuubar
  jmongo!
  json
  rspec-core (~> 2.6)
  rspec-expectations (~> 2.6)
  rspec-mocks (~> 2.6)
