PATH
  remote: .
  specs:
    euston-eventstore (1.0.4)
      activesupport (~> 3.0.9)
      bson_ext (~> 1.3.1)
      hash-keys (~> 1.0.0)
      json (~> 1.5.0)
      mongo (~> 1.3.1)
      require_all (~> 1.2.0)
      uuid (~> 2.3.0)

GEM
  remote: http://rubygems.org/
  specs:
    activesupport (3.0.10)
    awesome_print (0.4.0)
    bson (1.3.1)
    bson_ext (1.3.1)
    diff-lcs (1.1.3)
    fuubar (0.0.6)
      rspec (~> 2.0)
      rspec-instafail (~> 0.1.8)
      ruby-progressbar (~> 0.0.10)
    hash-keys (1.0.0)
    json (1.5.4)
    macaddr (1.4.0)
      systemu (~> 2.2.0)
    mongo (1.3.1)
      bson (>= 1.3.1)
    require_all (1.2.0)
    rspec (2.6.0)
      rspec-core (~> 2.6.0)
      rspec-expectations (~> 2.6.0)
      rspec-mocks (~> 2.6.0)
    rspec-core (2.6.4)
    rspec-expectations (2.6.0)
      diff-lcs (~> 1.1.2)
    rspec-instafail (0.1.8)
    rspec-mocks (2.6.0)
    ruby-progressbar (0.0.10)
    systemu (2.2.0)
    uuid (2.3.4)
      macaddr (~> 1.0)

PLATFORMS
  ruby

DEPENDENCIES
  awesome_print (~> 0.4.0)
  euston-eventstore!
  fuubar (~> 0.0.0)
  rspec (~> 2.6.0)
