PATH
  remote: .
  specs:
    eventstore (0.0.1)
      activesupport (~> 3.0)
      bson_ext (~> 1.1)
      jeweler (~> 1.4)
      mongo (~> 1.3.1)
      rake (~> 0.8)
      uuid (~> 2.3)

GEM
  remote: http://rubygems.org/
  specs:
    activesupport (3.0.7)
    awesome_print (0.3.2)
    bson (1.3.1)
    bson_ext (1.3.1)
    diff-lcs (1.1.2)
    fuubar (0.0.3)
      rspec (~> 2.0)
      rspec-instafail (~> 0.1.4)
      ruby-progressbar (~> 0.0.9)
    git (1.2.5)
    jeweler (1.6.0)
      bundler (~> 1.0.0)
      git (>= 1.2.5)
      rake
    macaddr (1.0.0)
    mongo (1.3.1)
      bson (>= 1.3.1)
    rake (0.9.0)
    rspec (2.5.0)
      rspec-core (~> 2.5.0)
      rspec-expectations (~> 2.5.0)
      rspec-mocks (~> 2.5.0)
    rspec-core (2.5.1)
    rspec-expectations (2.5.0)
      diff-lcs (~> 1.1.2)
    rspec-instafail (0.1.6)
    rspec-mocks (2.5.0)
    ruby-progressbar (0.0.9)
    uuid (2.3.2)
      macaddr (~> 1.0)

PLATFORMS
  ruby

DEPENDENCIES
  awesome_print
  eventstore!
  fuubar
  rspec-core (~> 2.4)
  rspec-expectations (~> 2.4)
  rspec-mocks (~> 2.4)
