PATH
  remote: .
  specs:
    eventstore (0.0.1)
      activesupport (~> 3.0)
      bson_ext (~> 1.1)
      jeweler (~> 1.4)
      mongoid (~> 2.0.0.beta)
      rake (~> 0.8)
      uuid (~> 2.3)

GEM
  remote: http://rubygems.org/
  specs:
    activemodel (3.0.4)
      activesupport (= 3.0.4)
      builder (~> 2.1.2)
      i18n (~> 0.4)
    activesupport (3.0.4)
    awesome_print (0.3.2)
    bson (1.2.1)
    bson_ext (1.2.1)
    builder (2.1.2)
    diff-lcs (1.1.2)
    fuubar (0.0.3)
      rspec (~> 2.0)
      rspec-instafail (~> 0.1.4)
      ruby-progressbar (~> 0.0.9)
    git (1.2.5)
    i18n (0.5.0)
    jeweler (1.5.2)
      bundler (~> 1.0.0)
      git (>= 1.2.5)
      rake
    macaddr (1.0.0)
    mongo (1.2.1)
      bson (>= 1.2.1)
    mongoid (2.0.0.rc.7)
      activemodel (~> 3.0)
      mongo (~> 1.2)
      tzinfo (~> 0.3.22)
      will_paginate (~> 3.0.pre)
    rake (0.8.7)
    rspec (2.5.0)
      rspec-core (~> 2.5.0)
      rspec-expectations (~> 2.5.0)
      rspec-mocks (~> 2.5.0)
    rspec-core (2.5.1)
    rspec-expectations (2.5.0)
      diff-lcs (~> 1.1.2)
    rspec-instafail (0.1.6)
    rspec-mocks (2.5.0)
    ruby-progressbar (0.0.9)
    tzinfo (0.3.24)
    uuid (2.3.1)
      macaddr (~> 1.0)
    will_paginate (3.0.pre2)

PLATFORMS
  ruby

DEPENDENCIES
  awesome_print
  eventstore!
  fuubar
  rspec-core (~> 2.4)
  rspec-expectations (~> 2.4)
  rspec-mocks (~> 2.4)
